GIT
  remote: https://github.com/bragnikita/gamescript_creator.git
  revision: cd460e1a4c877435e74b8c1a7dd02d5ebcf3dea8
  branch: master
  specs:
    gamescript_creator (0.1.0)
      htmlbeautifier (~> 1.3.0)

GEM
  remote: https://rubygems.org/
  specs:
    activemodel (5.2.2)
      activesupport (= 5.2.2)
    activesupport (5.2.2)
      concurrent-ruby (~> 1.0, >= 1.0.2)
      i18n (>= 0.7, < 2)
      minitest (~> 5.1)
      tzinfo (~> 1.1)
    backports (3.11.4)
    bson (4.4.2)
    concurrent-ruby (1.1.4)
    diff-lcs (1.3)
    dotenv (2.6.0)
    htmlbeautifier (1.3.1)
    i18n (1.5.3)
      concurrent-ruby (~> 1.0)
    jwt (2.1.0)
    minitest (5.11.3)
    mongo (2.7.0)
      bson (>= 4.4.2, < 5.0.0)
    mongoid (7.0.2)
      activemodel (>= 5.1, < 6.0.0)
      mongo (>= 2.5.1, < 3.0.0)
    multi_json (1.13.1)
    mustermann (1.0.3)
    puma (3.12.0)
    rack (2.0.6)
    rack-protection (2.0.5)
      rack
    rack-test (1.1.0)
      rack (>= 1.0, < 3)
    rspec (3.8.0)
      rspec-core (~> 3.8.0)
      rspec-expectations (~> 3.8.0)
      rspec-mocks (~> 3.8.0)
    rspec-collection_matchers (1.1.3)
      rspec-expectations (>= 2.99.0.beta1)
    rspec-core (3.8.0)
      rspec-support (~> 3.8.0)
    rspec-expectations (3.8.2)
      diff-lcs (>= 1.2.0, < 2.0)
      rspec-support (~> 3.8.0)
    rspec-json_expectations (2.1.0)
    rspec-mocks (3.8.0)
      diff-lcs (>= 1.2.0, < 2.0)
      rspec-support (~> 3.8.0)
    rspec-support (3.8.0)
    sinatra (2.0.5)
      mustermann (~> 1.0)
      rack (~> 2.0)
      rack-protection (= 2.0.5)
      tilt (~> 2.0)
    sinatra-contrib (2.0.5)
      backports (>= 2.8.2)
      multi_json
      mustermann (~> 1.0)
      rack-protection (= 2.0.5)
      sinatra (= 2.0.5)
      tilt (>= 1.3, < 3)
    thread_safe (0.3.6)
    tilt (2.0.9)
    tzinfo (1.2.5)
      thread_safe (~> 0.1)

PLATFORMS
  ruby

DEPENDENCIES
  dotenv
  gamescript_creator!
  jwt
  mongoid
  puma
  rack-test
  rspec
  rspec-collection_matchers
  rspec-json_expectations
  sinatra
  sinatra-contrib

RUBY VERSION
   ruby 2.5.0p0

BUNDLED WITH
   1.17.1
